PATH
  remote: .
  specs:
    okay (11.0.0)
      cacert
      openssl-better_defaults

GEM
  remote: https://rubygems.org/
  specs:
    ast (2.4.0)
    cacert (0.5.0)
    diff-lcs (1.3)
    jaro_winkler (1.5.4)
    openssl-better_defaults (0.0.2)
    parallel (1.19.1)
    parser (2.7.0.2)
      ast (~> 2.4.0)
    rainbow (3.0.0)
    rake (12.3.3)
    rspec (3.9.0)
      rspec-core (~> 3.9.0)
      rspec-expectations (~> 3.9.0)
      rspec-mocks (~> 3.9.0)
    rspec-core (3.9.1)
      rspec-support (~> 3.9.1)
    rspec-expectations (3.9.0)
      diff-lcs (>= 1.2.0, < 2.0)
      rspec-support (~> 3.9.0)
    rspec-mocks (3.9.1)
      diff-lcs (>= 1.2.0, < 2.0)
      rspec-support (~> 3.9.0)
    rspec-support (3.9.2)
    rubocop (0.79.0)
      jaro_winkler (~> 1.5.1)
      parallel (~> 1.10)
      parser (>= 2.7.0.1)
      rainbow (>= 2.2.2, < 4.0)
      ruby-progressbar (~> 1.7)
      unicode-display_width (>= 1.4.0, < 1.7)
    ruby-progressbar (1.10.1)
    unicode-display_width (1.6.1)

PLATFORMS
  ruby

DEPENDENCIES
  bundler (~> 2.0)
  okay!
  rake (~> 12.3)
  rspec (~> 3.8)
  rubocop (~> 0.79.0)

RUBY VERSION
   ruby 2.6.5p114

BUNDLED WITH
   2.1.3
