PATH
  remote: .
  specs:
    okay (11.0.0)
      cacert

GEM
  remote: https://rubygems.org/
  specs:
    cacert (0.6.0)
    diff-lcs (1.4.4)
    rake (12.3.3)
    rspec (3.10.0)
      rspec-core (~> 3.10.0)
      rspec-expectations (~> 3.10.0)
      rspec-mocks (~> 3.10.0)
    rspec-core (3.10.1)
      rspec-support (~> 3.10.0)
    rspec-expectations (3.10.1)
      diff-lcs (>= 1.2.0, < 2.0)
      rspec-support (~> 3.10.0)
    rspec-mocks (3.10.2)
      diff-lcs (>= 1.2.0, < 2.0)
      rspec-support (~> 3.10.0)
    rspec-support (3.10.2)

PLATFORMS
  x86_64-freebsd-13

DEPENDENCIES
  bundler (~> 2.0)
  okay!
  rake (~> 12.3)
  rspec (~> 3.8)

RUBY VERSION
   ruby 3.0.1p64

BUNDLED WITH
   2.2.15
