PATH
  remote: .
  specs:
    okay (12.0.3)
      cacert

GEM
  remote: https://rubygems.org/
  specs:
    cacert (0.7.0)
    diff-lcs (1.5.0)
    rake (13.1.0)
    rspec (3.12.0)
      rspec-core (~> 3.12.0)
      rspec-expectations (~> 3.12.0)
      rspec-mocks (~> 3.12.0)
    rspec-core (3.12.2)
      rspec-support (~> 3.12.0)
    rspec-expectations (3.12.3)
      diff-lcs (>= 1.2.0, < 2.0)
      rspec-support (~> 3.12.0)
    rspec-mocks (3.12.6)
      diff-lcs (>= 1.2.0, < 2.0)
      rspec-support (~> 3.12.0)
    rspec-support (3.12.1)

PLATFORMS
  amd64-freebsd-14
  ruby

DEPENDENCIES
  bundler (~> 2.5)
  okay!
  rake (~> 13.1)
  rspec (~> 3.12)

RUBY VERSION
   ruby 3.1.4p223

BUNDLED WITH
   2.5.3
